GEM
  remote: https://rubygems.org/
  specs:
    awesome_print (1.8.0)
    eventmachine (1.2.5)
    faye-websocket (0.10.7)
      eventmachine (>= 0.12.0)
      websocket-driver (>= 0.5.1)
    puma (3.10.0)
    rake (12.2.1)
    websocket-driver (0.7.0)
      websocket-extensions (>= 0.1.0)
    websocket-extensions (0.1.2)

PLATFORMS
  ruby

DEPENDENCIES
  awesome_print (= 1.8.0)
  faye-websocket (= 0.10.7)
  puma (= 3.10.0)
  rake (= 12.2.1)

RUBY VERSION
   ruby 2.4.1p111

BUNDLED WITH
   1.15.4
